GEM
  remote: https://rubygems.org/
  specs:
    bson (3.2.1)
    coderay (1.1.0)
    httparty (0.13.5)
      json (~> 1.8)
      multi_xml (>= 0.5.2)
    json (1.8.3)
    method_source (0.8.2)
    mongo (2.0.6)
      bson (~> 3.0)
    multi_xml (0.5.5)
    netrc (0.10.3)
    pry (0.10.1)
      coderay (~> 1.1.0)
      method_source (~> 0.8.1)
      slop (~> 3.4)
    ruby-progressbar (1.7.5)
    slop (3.6.0)

PLATFORMS
  ruby

DEPENDENCIES
  httparty
  mongo
  netrc
  pry
  ruby-progressbar

BUNDLED WITH
   1.10.6
